GEM
  remote: https://rubygems.org/
  specs:
    activemodel (3.2.14)
      activesupport (= 3.2.14)
      builder (~> 3.0.0)
    activesupport (3.2.14)
      i18n (~> 0.6, >= 0.6.4)
      multi_json (~> 1.0)
    amq-protocol (1.8.0)
    builder (3.0.4)
    bunny (0.10.7)
      amq-protocol (>= 1.6.0)
    couchrest (1.1.3)
      mime-types (~> 1.15)
      multi_json (~> 1.0)
      rest-client (~> 1.6.1)
    couchrest_model (2.0.0.beta2)
      activemodel (~> 3.0)
      couchrest (~> 1.1.3)
      mime-types (~> 1.15)
      tzinfo (~> 0.3.22)
    faker (1.2.0)
      i18n (~> 0.5)
    i18n (0.6.5)
    mime-types (1.25)
    multi_json (1.8.0)
    rest-client (1.6.7)
      mime-types (>= 1.16)
    tzinfo (0.3.37)

PLATFORMS
  ruby

DEPENDENCIES
  activesupport
  bunny
  couchrest_model (~> 2.0.0.beta2)
  faker
  rest-client
